STORAGE: NONE
NUGET
  remote: https://www.nuget.org/api/v2
    FSharp.Core (8.0.200)
    FSharp.SystemCommandLine (0.17.0-beta4)
      FSharp.Core (>= 6.0) - restriction: >= netstandard2.0
      System.CommandLine (>= 2.0.0-beta4.22272.1) - restriction: >= netstandard2.0
    Ionide.ProjInfo (0.63)
      FSharp.Core (>= 7.0.400) - restriction: >= net6.0
      Ionide.ProjInfo.Sln (>= 0.63) - restriction: >= net6.0
      Microsoft.Build (>= 17.2) - restriction: >= net6.0
      Microsoft.Build.Framework (>= 17.2) - restriction: >= net6.0
      SemanticVersioning (>= 2.0.2) - restriction: >= net6.0
    Ionide.ProjInfo.Sln (0.63) - restriction: >= net6.0
    Microsoft.Build (17.9.5) - restriction: >= net6.0
      Microsoft.Build.Framework (>= 17.9.5) - restriction: || (>= net472) (>= net8.0)
      Microsoft.NET.StringTools (>= 17.9.5) - restriction: || (>= net472) (>= net8.0)
      System.Collections.Immutable (>= 8.0) - restriction: || (>= net472) (>= net8.0)
      System.Configuration.ConfigurationManager (>= 8.0) - restriction: || (>= net472) (>= net8.0)
      System.Reflection.Metadata (>= 8.0) - restriction: || (>= net472) (>= net8.0)
      System.Reflection.MetadataLoadContext (>= 8.0) - restriction: || (>= net472) (>= net8.0)
      System.Security.Principal.Windows (>= 5.0) - restriction: || (>= net472) (>= net8.0)
      System.Threading.Tasks.Dataflow (>= 8.0) - restriction: || (>= net472) (>= net8.0)
    Microsoft.Build.Framework (17.9.5) - restriction: >= net6.0
      Microsoft.Win32.Registry (>= 5.0) - restriction: && (< net472) (< net8.0) (>= netstandard2.0)
      System.Memory (>= 4.5.5) - restriction: && (< net472) (< net8.0) (>= netstandard2.0)
      System.Runtime.CompilerServices.Unsafe (>= 6.0) - restriction: || (>= net472) (&& (< net8.0) (>= netstandard2.0))
      System.Security.Principal.Windows (>= 5.0) - restriction: && (< net472) (< net8.0) (>= netstandard2.0)
    Microsoft.NET.StringTools (17.9.5) - restriction: || (&& (>= net472) (>= net6.0)) (>= net8.0)
    Microsoft.Win32.Registry (5.0) - restriction: && (>= net6.0) (< net8.0)
      System.Buffers (>= 4.5.1) - restriction: || (&& (>= monoandroid) (< netstandard1.3)) (>= monotouch) (&& (< net46) (< netcoreapp2.0) (>= netstandard2.0)) (>= xamarinios) (>= xamarinmac) (>= xamarintvos) (>= xamarinwatchos)
      System.Security.AccessControl (>= 5.0) - restriction: || (&& (>= monoandroid) (< netstandard1.3)) (&& (< monoandroid) (>= netcoreapp2.0)) (>= monotouch) (&& (< net46) (< netcoreapp2.0) (>= netstandard2.0)) (>= net461) (>= netcoreapp2.1) (>= uap10.1) (>= xamarinios) (>= xamarinmac) (>= xamarintvos) (>= xamarinwatchos)
      System.Security.Principal.Windows (>= 5.0) - restriction: || (&& (>= monoandroid) (< netstandard1.3)) (&& (< monoandroid) (>= netcoreapp2.0)) (>= monotouch) (&& (< net46) (< netcoreapp2.0) (>= netstandard2.0)) (>= net461) (>= netcoreapp2.1) (>= uap10.1) (>= xamarinios) (>= xamarinmac) (>= xamarintvos) (>= xamarinwatchos)
    SemanticVersioning (2.0.2) - restriction: >= net6.0
    System.Buffers (4.5.1) - restriction: || (&& (>= monoandroid) (>= net6.0) (< netstandard1.3)) (&& (>= monotouch) (>= net6.0)) (&& (>= net6.0) (< net8.0) (>= xamarinios)) (&& (>= net6.0) (< net8.0) (>= xamarinmac)) (&& (>= net6.0) (< net8.0) (>= xamarintvos)) (&& (>= net6.0) (< net8.0) (>= xamarinwatchos)) (&& (>= net6.0) (< netcoreapp2.0))
    System.Collections.Immutable (8.0) - restriction: || (&& (>= net472) (>= net6.0)) (>= net8.0)
    System.CommandLine (2.0.0-beta4.22272.1) - restriction: >= netstandard2.0
      System.Memory (>= 4.5.4) - restriction: && (< net6.0) (>= netstandard2.0)
    System.Configuration.ConfigurationManager (8.0) - restriction: || (&& (>= net472) (>= net6.0)) (>= net8.0)
      System.Diagnostics.EventLog (>= 8.0) - restriction: >= net7.0
      System.Security.Cryptography.ProtectedData (>= 8.0) - restriction: || (&& (< net462) (>= netstandard2.0)) (>= net6.0)
    System.Diagnostics.EventLog (8.0) - restriction: || (&& (>= net472) (>= net7.0)) (>= net8.0)
    System.Memory (4.5.5) - restriction: || (&& (>= net6.0) (< net8.0)) (&& (< net6.0) (>= netstandard2.0))
      System.Buffers (>= 4.5.1) - restriction: || (&& (>= monoandroid) (< netstandard1.1)) (&& (< monoandroid) (< net45) (>= netstandard1.1) (< netstandard2.0) (< win8) (< wpa81)) (&& (< monoandroid) (< netstandard1.1) (>= portable-net45+win8+wpa81) (< win8)) (>= monotouch) (&& (>= net45) (< netstandard2.0)) (&& (< net45) (< netcoreapp2.0) (>= netstandard2.0)) (>= net461) (&& (< netstandard1.1) (>= win8)) (&& (< netstandard2.0) (< uap10.1) (>= wpa81)) (>= xamarinios) (>= xamarinmac) (>= xamarintvos) (>= xamarinwatchos)
      System.Runtime.CompilerServices.Unsafe (>= 4.5.3) - restriction: || (&& (>= monoandroid) (< netstandard1.1)) (&& (< monoandroid) (< net45) (>= netstandard1.1) (< netstandard2.0) (< win8) (< wpa81)) (&& (< monoandroid) (>= netcoreapp2.0) (< netcoreapp2.1)) (&& (< monoandroid) (< netstandard1.1) (>= portable-net45+win8+wpa81) (< win8)) (>= monotouch) (&& (>= net45) (< netstandard2.0)) (&& (< net45) (< netcoreapp2.0) (>= netstandard2.0)) (>= net461) (&& (< netstandard1.1) (>= win8)) (&& (< netstandard2.0) (>= wpa81)) (>= uap10.1) (>= xamarinios) (>= xamarinmac) (>= xamarintvos) (>= xamarinwatchos)
    System.Reflection.Metadata (8.0) - restriction: || (&& (>= net472) (>= net6.0)) (>= net8.0)
      System.Collections.Immutable (>= 8.0) - restriction: || (>= net462) (>= netstandard2.0)
    System.Reflection.MetadataLoadContext (8.0) - restriction: || (&& (>= net472) (>= net6.0)) (>= net8.0)
      System.Collections.Immutable (>= 8.0) - restriction: || (>= net462) (>= netstandard2.0)
      System.Reflection.Metadata (>= 8.0) - restriction: || (>= net462) (>= netstandard2.0)
    System.Runtime.CompilerServices.Unsafe (6.0) - restriction: || (&& (>= monoandroid) (>= net6.0) (< netstandard1.1)) (&& (< monoandroid) (>= net6.0) (< netcoreapp2.1)) (&& (< monoandroid) (>= net6.0) (< netstandard1.1)) (&& (< monoandroid) (>= net6.0) (< netstandard2.0)) (&& (>= monotouch) (>= net6.0)) (&& (>= net45) (>= net6.0) (< netstandard2.0)) (&& (>= net461) (>= net6.0)) (&& (>= net472) (>= net6.0)) (&& (>= net6.0) (< net8.0)) (&& (>= net6.0) (< netcoreapp2.0)) (&& (>= net6.0) (< netstandard1.1) (>= win8)) (&& (>= net6.0) (< netstandard2.0) (>= wpa81)) (&& (>= net6.0) (>= uap10.1))
    System.Security.AccessControl (6.0) - restriction: || (&& (>= monoandroid) (>= net6.0) (< netstandard1.3)) (&& (>= monotouch) (>= net6.0)) (&& (>= net461) (>= net6.0)) (&& (>= net6.0) (< net8.0)) (&& (>= net6.0) (< netcoreapp2.0)) (&& (>= net6.0) (>= uap10.1))
    System.Security.Cryptography.ProtectedData (8.0) - restriction: || (&& (>= net472) (>= net6.0)) (>= net8.0)
    System.Security.Principal.Windows (5.0) - restriction: >= net6.0
    System.Threading.Tasks.Dataflow (8.0) - restriction: || (&& (>= net472) (>= net6.0)) (>= net8.0)

GROUP Test
STORAGE: NONE
NUGET
  remote: https://www.nuget.org/api/v2
    Expecto (10.2.1)
      FSharp.Core (>= 7.0.200) - restriction: >= net6.0
      Mono.Cecil (>= 0.11.4 < 1.0) - restriction: >= net6.0
    FSharp.Core (8.0.200)
    Microsoft.CodeCoverage (17.9) - restriction: || (>= net462) (>= netcoreapp3.1)
    Microsoft.NET.Test.Sdk (17.9)
      Microsoft.CodeCoverage (>= 17.9) - restriction: || (>= net462) (>= netcoreapp3.1)
      Microsoft.TestPlatform.TestHost (>= 17.9) - restriction: >= netcoreapp3.1
    Microsoft.TestPlatform.ObjectModel (17.9) - restriction: >= netcoreapp3.1
      System.Reflection.Metadata (>= 1.6) - restriction: || (>= net462) (>= netstandard2.0)
    Microsoft.TestPlatform.TestHost (17.9) - restriction: >= netcoreapp3.1
      Microsoft.TestPlatform.ObjectModel (>= 17.9) - restriction: >= netcoreapp3.1
      Newtonsoft.Json (>= 13.0.1) - restriction: >= netcoreapp3.1
    Mono.Cecil (0.11.5) - restriction: >= net6.0
    Newtonsoft.Json (13.0.3) - restriction: >= netcoreapp3.1
    System.Buffers (4.5.1) - restriction: || (&& (>= monoandroid) (>= netcoreapp3.1) (< netstandard1.1)) (&& (< monoandroid) (>= netcoreapp3.1) (< netstandard1.1)) (&& (< monoandroid) (>= netcoreapp3.1) (< netstandard2.0)) (&& (>= monotouch) (>= netcoreapp3.1)) (&& (>= net45) (>= netcoreapp3.1) (< netstandard2.0)) (&& (>= net461) (>= netcoreapp3.1)) (&& (>= net462) (>= netcoreapp3.1)) (&& (< net6.0) (>= netcoreapp3.1) (>= xamarinios)) (&& (< net6.0) (>= netcoreapp3.1) (>= xamarinmac)) (&& (< net6.0) (>= netcoreapp3.1) (>= xamarintvos)) (&& (< net6.0) (>= netcoreapp3.1) (>= xamarinwatchos)) (&& (< netcoreapp2.0) (>= netcoreapp3.1)) (&& (>= netcoreapp3.1) (< netstandard1.1) (>= win8)) (&& (>= netcoreapp3.1) (< netstandard2.0) (>= wpa81))
    System.Collections.Immutable (8.0) - restriction: >= netcoreapp3.1
      System.Runtime.CompilerServices.Unsafe (>= 6.0) - restriction: || (>= net462) (&& (>= net6.0) (< net7.0)) (&& (< net6.0) (>= netstandard2.0))
    System.Memory (4.5.5) - restriction: || (&& (>= net462) (>= netcoreapp3.1)) (&& (< net6.0) (>= netcoreapp3.1))
      System.Buffers (>= 4.5.1) - restriction: || (&& (>= monoandroid) (< netstandard1.1)) (&& (< monoandroid) (< net45) (>= netstandard1.1) (< netstandard2.0) (< win8) (< wpa81)) (&& (< monoandroid) (< netstandard1.1) (>= portable-net45+win8+wpa81) (< win8)) (>= monotouch) (&& (>= net45) (< netstandard2.0)) (&& (< net45) (< netcoreapp2.0) (>= netstandard2.0)) (>= net461) (&& (< netstandard1.1) (>= win8)) (&& (< netstandard2.0) (< uap10.1) (>= wpa81)) (>= xamarinios) (>= xamarinmac) (>= xamarintvos) (>= xamarinwatchos)
      System.Runtime.CompilerServices.Unsafe (>= 4.5.3) - restriction: || (&& (>= monoandroid) (< netstandard1.1)) (&& (< monoandroid) (< net45) (>= netstandard1.1) (< netstandard2.0) (< win8) (< wpa81)) (&& (< monoandroid) (>= netcoreapp2.0) (< netcoreapp2.1)) (&& (< monoandroid) (< netstandard1.1) (>= portable-net45+win8+wpa81) (< win8)) (>= monotouch) (&& (>= net45) (< netstandard2.0)) (&& (< net45) (< netcoreapp2.0) (>= netstandard2.0)) (>= net461) (&& (< netstandard1.1) (>= win8)) (&& (< netstandard2.0) (>= wpa81)) (>= uap10.1) (>= xamarinios) (>= xamarinmac) (>= xamarintvos) (>= xamarinwatchos)
    System.Reflection.Metadata (8.0) - restriction: >= netcoreapp3.1
      System.Collections.Immutable (>= 8.0) - restriction: || (>= net462) (>= netstandard2.0)
      System.Memory (>= 4.5.5) - restriction: || (>= net462) (&& (< net6.0) (>= netstandard2.0))
    System.Runtime.CompilerServices.Unsafe (6.0) - restriction: || (&& (>= monoandroid) (>= netcoreapp3.1) (< netstandard1.1)) (&& (< monoandroid) (< netcoreapp2.1) (>= netcoreapp3.1)) (&& (< monoandroid) (>= netcoreapp3.1) (< netstandard1.1)) (&& (< monoandroid) (>= netcoreapp3.1) (< netstandard2.0)) (&& (>= monotouch) (>= netcoreapp3.1)) (&& (>= net45) (>= netcoreapp3.1) (< netstandard2.0)) (&& (>= net461) (>= netcoreapp3.1)) (&& (>= net462) (>= net6.0)) (&& (>= net462) (>= netcoreapp3.1)) (&& (>= net6.0) (< net7.0)) (&& (< net6.0) (>= netcoreapp3.1) (>= xamarinios)) (&& (< net6.0) (>= netcoreapp3.1) (>= xamarinmac)) (&& (< net6.0) (>= netcoreapp3.1) (>= xamarintvos)) (&& (< net6.0) (>= netcoreapp3.1) (>= xamarinwatchos)) (&& (< netcoreapp2.0) (>= netcoreapp3.1)) (&& (>= netcoreapp3.1) (< netstandard1.1) (>= win8)) (&& (>= netcoreapp3.1) (< netstandard2.0) (>= wpa81)) (&& (>= netcoreapp3.1) (>= uap10.1))
    YoloDev.Expecto.TestSdk (0.14.3)
      Expecto (>= 10.0 < 11.0) - restriction: >= net6.0
      FSharp.Core (>= 7.0.200) - restriction: >= net6.0
      System.Collections.Immutable (>= 6.0) - restriction: >= net6.0
