STORAGE: NONE
NUGET
  remote: https://www.nuget.org/api/v2
    FSharp.Core (9.0.100)
    FSharp.SystemCommandLine (0.17.0-beta4)
      FSharp.Core (>= 6.0) - restriction: >= netstandard2.0
      System.CommandLine (>= 2.0.0-beta4.22272.1) - restriction: >= netstandard2.0
    Ionide.ProjInfo (0.68)
      FSharp.Core (>= 6.0) - restriction: >= net8.0
      Ionide.ProjInfo.Sln (>= 0.68) - restriction: >= net8.0
      SemanticVersioning (>= 2.0.2) - restriction: >= net8.0
    Ionide.ProjInfo.Sln (0.68) - restriction: >= net8.0
    SemanticVersioning (2.0.2) - restriction: >= net8.0
    System.Buffers (4.6) - restriction: || (&& (>= net462) (>= netstandard2.0)) (&& (< netcoreapp2.1) (>= netstandard2.0))
    System.CommandLine (2.0.0-beta4.22272.1) - restriction: >= netstandard2.0
      System.Memory (>= 4.5.4) - restriction: && (< net6.0) (>= netstandard2.0)
    System.Memory (4.6) - restriction: && (< net6.0) (>= netstandard2.0)
      System.Buffers (>= 4.6) - restriction: || (>= net462) (&& (< netcoreapp2.1) (>= netstandard2.0))
      System.Numerics.Vectors (>= 4.6) - restriction: || (>= net462) (&& (< netcoreapp2.1) (>= netstandard2.0))
      System.Runtime.CompilerServices.Unsafe (>= 6.1) - restriction: || (>= net462) (&& (< netcoreapp2.1) (>= netstandard2.0))
    System.Numerics.Vectors (4.6) - restriction: || (&& (>= net462) (>= netstandard2.0)) (&& (< netcoreapp2.1) (>= netstandard2.0))
    System.Runtime.CompilerServices.Unsafe (6.1) - restriction: || (&& (>= net462) (>= netstandard2.0)) (&& (< netcoreapp2.1) (>= netstandard2.0))

GROUP Test
STORAGE: NONE
NUGET
  remote: https://www.nuget.org/api/v2
    Expecto (10.2.1)
      FSharp.Core (>= 7.0.200) - restriction: >= net6.0
      Mono.Cecil (>= 0.11.4 < 1.0) - restriction: >= net6.0
    FSharp.Core (9.0.100)
    Microsoft.CodeCoverage (17.12) - restriction: || (>= net462) (>= netcoreapp3.1)
    Microsoft.NET.Test.Sdk (17.12)
      Microsoft.CodeCoverage (>= 17.12) - restriction: || (>= net462) (>= netcoreapp3.1)
      Microsoft.TestPlatform.TestHost (>= 17.12) - restriction: >= netcoreapp3.1
    Microsoft.TestPlatform.ObjectModel (17.12) - restriction: >= netcoreapp3.1
      System.Reflection.Metadata (>= 1.6) - restriction: || (>= net462) (>= netstandard2.0)
    Microsoft.TestPlatform.TestHost (17.12) - restriction: >= netcoreapp3.1
      Microsoft.TestPlatform.ObjectModel (>= 17.12) - restriction: >= netcoreapp3.1
      Newtonsoft.Json (>= 13.0.1) - restriction: >= netcoreapp3.1
    Mono.Cecil (0.11.6) - restriction: >= net6.0
    Newtonsoft.Json (13.0.3) - restriction: >= netcoreapp3.1
    System.Collections.Immutable (9.0) - restriction: || (&& (>= net462) (>= netcoreapp3.1)) (>= net6.0) (&& (>= net8.0) (< net9.0)) (&& (< net8.0) (>= netcoreapp3.1))
      System.Memory (>= 4.5.5) - restriction: || (>= net462) (&& (< net8.0) (>= netstandard2.0))
      System.Runtime.CompilerServices.Unsafe (>= 6.0) - restriction: || (>= net462) (&& (< net8.0) (>= netstandard2.0))
    System.Memory (4.6) - restriction: || (&& (>= net462) (>= net6.0)) (&& (>= net462) (>= netcoreapp3.1)) (&& (>= net6.0) (< net8.0)) (&& (< net8.0) (>= netcoreapp3.1))
    System.Reflection.Metadata (9.0) - restriction: >= netcoreapp3.1
      System.Collections.Immutable (>= 9.0) - restriction: || (>= net462) (&& (>= net8.0) (< net9.0)) (&& (< net8.0) (>= netstandard2.0))
      System.Memory (>= 4.5.5) - restriction: || (>= net462) (&& (< net8.0) (>= netstandard2.0))
    System.Runtime.CompilerServices.Unsafe (6.1) - restriction: || (&& (>= net462) (>= net6.0)) (&& (>= net6.0) (< net8.0))
    YoloDev.Expecto.TestSdk (0.14.3)
      Expecto (>= 10.0 < 11.0) - restriction: >= net6.0
      FSharp.Core (>= 7.0.200) - restriction: >= net6.0
      System.Collections.Immutable (>= 6.0) - restriction: >= net6.0
